PATH
  remote: ../..
  specs:
    capistrano-chef-eye (0.2.0)

GEM
  remote: https://rubygems.org/
  specs:
    capistrano (3.4.0)
      i18n
      rake (>= 10.0.0)
      sshkit (~> 1.3)
    capistrano-bundler (1.1.4)
      capistrano (~> 3.1)
      sshkit (~> 1.2)
    capistrano-rails (1.1.3)
      capistrano (~> 3.1)
      capistrano-bundler (~> 1.1)
    capistrano-rvm (0.1.2)
      capistrano (~> 3.0)
      sshkit (~> 1.2)
    colorize (0.7.7)
    i18n (0.7.0)
    net-scp (1.2.1)
      net-ssh (>= 2.6.5)
    net-ssh (2.9.2)
    rake (10.4.2)
    sshkit (1.7.1)
      colorize (>= 0.7.0)
      net-scp (>= 1.1.2)
      net-ssh (>= 2.8.0)

PLATFORMS
  ruby

DEPENDENCIES
  bundler (~> 1.7)
  capistrano (~> 3.0)
  capistrano-chef-eye!
  capistrano-rails
  capistrano-rvm
  rake (~> 10.0)
